GEM
  remote: https://rubygems.org/
  specs:
    awesome_print (1.9.2)
    byebug (11.1.3)
    coderay (1.1.3)
    date (3.3.4)
    dotenv (2.8.1)
    method_source (1.1.0)
    net-ftp (0.1.4)
      net-protocol
      time
    net-protocol (0.2.2)
      timeout
    pry (0.14.2)
      coderay (~> 1.1)
      method_source (~> 1.0)
    pry-byebug (3.10.1)
      byebug (~> 11.0)
      pry (>= 0.13, < 0.15)
    rake (12.3.3)
    time (0.3.0)
      date
    timeout (0.4.1)

PLATFORMS
  ruby

DEPENDENCIES
  awesome_print (~> 1.8)
  byebug (~> 11.1)
  dotenv (~> 2.1, >= 2.1.1)
  net-ftp (~> 0.1.3)
  pry-byebug (~> 3.10)
  rake (~> 12.3.3)

BUNDLED WITH
   2.2.11
