GEM
  remote: https://rubygems.org/
  specs:
    awesome_print (1.9.2)
    dotenv (2.8.1)
    rake (12.3.3)

PLATFORMS
  ruby

DEPENDENCIES
  awesome_print (~> 1.8)
  dotenv (~> 2.2)
  rake (~> 12.0)

BUNDLED WITH
   2.2.11
